GEM
  remote: https://rubygems.org/
  specs:
    ast (2.4.0)
    backports (3.15.0)
    childprocess (1.0.1)
      rake (< 13.0)
    codecov (0.1.14)
      json
      simplecov
      url
    diff-lcs (1.3)
    docile (1.3.2)
    iniparse (1.4.4)
    jaro_winkler (1.5.3)
    json (2.2.0)
    multi_json (1.13.1)
    mustermann (1.0.3)
    overcommit (0.49.1)
      childprocess (>= 0.6.3, < 2.0)
      iniparse (~> 1.4)
    parallel (1.17.0)
    parser (2.6.3.0)
      ast (~> 2.4.0)
    rack (2.0.7)
    rack-protection (2.0.5)
      rack
    rack-test (1.1.0)
      rack (>= 1.0, < 3)
    rainbow (3.0.0)
    rake (12.3.3)
    redis (4.1.2)
    rspec (3.8.0)
      rspec-core (~> 3.8.0)
      rspec-expectations (~> 3.8.0)
      rspec-mocks (~> 3.8.0)
    rspec-core (3.8.0)
      rspec-support (~> 3.8.0)
    rspec-expectations (3.8.4)
      diff-lcs (>= 1.2.0, < 2.0)
      rspec-support (~> 3.8.0)
    rspec-mocks (3.8.0)
      diff-lcs (>= 1.2.0, < 2.0)
      rspec-support (~> 3.8.0)
    rspec-support (3.8.2)
    rubocop (0.74.0)
      jaro_winkler (~> 1.5.1)
      parallel (~> 1.10)
      parser (>= 2.6)
      rainbow (>= 2.2.2, < 4.0)
      ruby-progressbar (~> 1.7)
      unicode-display_width (>= 1.4.0, < 1.7)
    ruby-progressbar (1.10.1)
    simplecov (0.16.1)
      docile (~> 1.1)
      json (>= 1.8, < 3)
      simplecov-html (~> 0.10.0)
    simplecov-html (0.10.2)
    sinatra (2.0.5)
      mustermann (~> 1.0)
      rack (~> 2.0)
      rack-protection (= 2.0.5)
      tilt (~> 2.0)
    sinatra-contrib (2.0.5)
      backports (>= 2.8.2)
      multi_json
      mustermann (~> 1.0)
      rack-protection (= 2.0.5)
      sinatra (= 2.0.5)
      tilt (>= 1.3, < 3)
    tilt (2.0.9)
    unicode-display_width (1.6.0)
    url (0.3.2)

PLATFORMS
  ruby

DEPENDENCIES
  codecov
  overcommit
  rack-test
  redis
  rspec
  rubocop
  sinatra
  sinatra-contrib

RUBY VERSION
   ruby 2.4.1p111

BUNDLED WITH
   1.14.6
